GIT
  remote: https://github.com/JustinLove/ohol-family-trees.git
  revision: f4a7010809c291cc8673078467020e54f7e2de74
  branch: master
  specs:
    ohol-family-trees (0.0.0)
      aws-sdk-s3 (~> 1)
      chunky_png
      color
      httpclient
      nokogiri (>= 1.8.5)
      progress_bar
      ruby-graphviz
      stringio
      thor

GEM
  remote: https://rubygems.org/
  specs:
    aws-eventstream (1.2.0)
    aws-partitions (1.656.0)
    aws-sdk-core (3.166.0)
      aws-eventstream (~> 1, >= 1.0.2)
      aws-partitions (~> 1, >= 1.651.0)
      aws-sigv4 (~> 1.5)
      jmespath (~> 1, >= 1.6.1)
    aws-sdk-kms (1.59.0)
      aws-sdk-core (~> 3, >= 3.165.0)
      aws-sigv4 (~> 1.1)
    aws-sdk-s3 (1.117.1)
      aws-sdk-core (~> 3, >= 3.165.0)
      aws-sdk-kms (~> 1)
      aws-sigv4 (~> 1.4)
    aws-sigv4 (1.5.2)
      aws-eventstream (~> 1, >= 1.0.2)
    chunky_png (1.4.0)
    color (1.8)
    faraday (0.15.4)
      multipart-post (>= 1.2, < 3)
    highline (2.0.3)
    httpclient (2.8.3)
    jmespath (1.6.1)
    mini_portile2 (2.4.0)
    multipart-post (2.1.1)
    nokogiri (1.10.3-x64-mingw32)
      mini_portile2 (~> 2.4.0)
    options (2.3.2)
    progress_bar (1.3.3)
      highline (>= 1.6, < 3)
      options (~> 2.3.0)
    rake (13.0.6)
    rexml (3.2.5)
    ruby-graphviz (1.2.5)
      rexml
    sentry-raven (2.9.0)
      faraday (>= 0.7.6, < 1.0)
    stringio (3.0.2)
    thor (0.20.3)

PLATFORMS
  x64-mingw32

DEPENDENCIES
  ohol-family-trees!
  rake
  sentry-raven

RUBY VERSION
   ruby 2.6.6p146

BUNDLED WITH
   1.17.2
